GEM
  remote: https://rubygems.org/
  specs:
    cloud_events (0.3.0)
    coderay (1.1.3)
    diff-lcs (1.4.4)
    functions_framework (0.8.0)
      cloud_events (~> 0.1)
      puma (~> 4.3)
      rack (~> 2.1)
    httparty (0.18.1)
      mime-types (~> 3.0)
      multi_xml (>= 0.5.2)
    method_source (1.0.0)
    mime-types (3.3.1)
      mime-types-data (~> 3.2015)
    mime-types-data (3.2021.0225)
    multi_xml (0.6.0)
    nio4r (2.5.7)
    pry (0.14.0)
      coderay (~> 1.1)
      method_source (~> 1.0)
    puma (4.3.7)
      nio4r (~> 2.0)
    rack (2.2.3)
    rspec (3.10.0)
      rspec-core (~> 3.10.0)
      rspec-expectations (~> 3.10.0)
      rspec-mocks (~> 3.10.0)
    rspec-core (3.10.1)
      rspec-support (~> 3.10.0)
    rspec-expectations (3.10.1)
      diff-lcs (>= 1.2.0, < 2.0)
      rspec-support (~> 3.10.0)
    rspec-mocks (3.10.2)
      diff-lcs (>= 1.2.0, < 2.0)
      rspec-support (~> 3.10.0)
    rspec-support (3.10.2)

PLATFORMS
  x86_64-darwin-19

DEPENDENCIES
  functions_framework (~> 0.8)
  httparty
  pry
  rspec

BUNDLED WITH
   2.2.13
